PATH
  remote: .
  specs:
    hatena_bookmark_client_for_ruby (0.1.0)
      crack
      json
      oauth

GEM
  remote: https://rubygems.org/
  specs:
    crack (0.4.3)
      safe_yaml (~> 1.0.0)
    diff-lcs (1.3)
    json (2.2.0)
    oauth (0.5.4)
    rake (10.5.0)
    rspec (3.8.0)
      rspec-core (~> 3.8.0)
      rspec-expectations (~> 3.8.0)
      rspec-mocks (~> 3.8.0)
    rspec-core (3.8.0)
      rspec-support (~> 3.8.0)
    rspec-expectations (3.8.2)
      diff-lcs (>= 1.2.0, < 2.0)
      rspec-support (~> 3.8.0)
    rspec-mocks (3.8.0)
      diff-lcs (>= 1.2.0, < 2.0)
      rspec-support (~> 3.8.0)
    rspec-support (3.8.0)
    safe_yaml (1.0.5)

PLATFORMS
  ruby

DEPENDENCIES
  bundler (~> 2.0)
  hatena_bookmark_client_for_ruby!
  rake (~> 10.0)
  rspec (~> 3.0)

BUNDLED WITH
   2.0.1
